GEM
  remote: http://rubygems.org/
  specs:
    chunky_png (1.2.7)
    qrencoder (1.4.1)
      chunky_png (~> 1.1)
    rotp (1.4.1)

PLATFORMS
  ruby

DEPENDENCIES
  qrencoder
  rotp
